PATH
  remote: ../hamster
  specs:
    hamster (0.1.0)

GEM
  specs:

PLATFORMS
  ruby

DEPENDENCIES
  hamster!
