GEM
  specs:
    hamster (0.1.0)

PLATFORMS
  ruby

DEPENDENCIES
  hamster
